PATH
  remote: .
  specs:
    rack-defense (0.3.2)
      rack (>= 1.6.11)
      redis (~> 4)

GEM
  remote: https://rubygems.org/
  specs:
    minitest (5.11.3)
    rack (2.0.6)
    rack-test (1.1.0)
      rack (>= 1.0, < 3)
    rake (10.5.0)
    redis (4.1.0)
    timecop (0.9.1)

PLATFORMS
  ruby

DEPENDENCIES
  minitest (~> 5.4)
  rack-defense!
  rack-test (>= 1.0.0)
  rake (~> 10.3)
  timecop (~> 0.7)

BUNDLED WITH
   1.17.3
